GEM
  remote: https://rubygems.org/
  specs:
    activemodel (7.1.3.4)
      activesupport (= 7.1.3.4)
    activerecord (7.1.3.4)
      activemodel (= 7.1.3.4)
      activesupport (= 7.1.3.4)
      timeout (>= 0.4.0)
    activesupport (7.1.3.4)
      base64
      bigdecimal
      concurrent-ruby (~> 1.0, >= 1.0.2)
      connection_pool (>= 2.2.5)
      drb
      i18n (>= 1.6, < 2)
      minitest (>= 5.1)
      mutex_m
      tzinfo (~> 2.0)
    base64 (0.2.0)
    bigdecimal (3.1.8)
    concurrent-ruby (1.3.3)
    connection_pool (2.4.1)
    drb (2.2.1)
    i18n (1.14.5)
      concurrent-ruby (~> 1.0)
    mini_portile2 (2.8.7)
    minitest (5.24.0)
    mutex_m (0.2.0)
    rake (13.2.1)
    sqlite3 (1.7.3)
      mini_portile2 (~> 2.8.0)
    sqlite3 (1.7.3-arm64-darwin)
    timeout (0.4.1)
    tzinfo (2.0.6)
      concurrent-ruby (~> 1.0)

PLATFORMS
  arm64-darwin-23
  ruby

DEPENDENCIES
  activerecord (~> 7.1)
  rake (~> 13.0)
  sqlite3 (~> 1.4)

BUNDLED WITH
   2.5.7
